STORAGE: NONE
RESTRICTION: == net8.0
NUGET
  remote: https://api.nuget.org/v3/index.json
    Akka (1.5.30)
      Akka.Analyzers (>= 0.2.5)
      Microsoft.Extensions.ObjectPool (>= 6.0.33)
      Newtonsoft.Json (>= 13.0.1)
      System.Collections.Immutable (>= 6.0)
      System.Configuration.ConfigurationManager (>= 6.0.1)
      System.Reflection.Emit (>= 4.7)
      System.Threading.Channels (>= 6.0)
    Akka.Analyzers (0.2.5)
    Akka.Cluster (1.5.30)
      Akka.Coordination (>= 1.5.30)
      Akka.Remote (>= 1.5.30)
    Akka.Cluster.Sharding (1.5.30)
      Akka.Cluster.Tools (>= 1.5.30)
      Akka.Coordination (>= 1.5.30)
      Akka.DistributedData (>= 1.5.30)
      Akka.DistributedData.LightningDB (>= 1.5.30)
      Akka.Persistence (>= 1.5.30)
    Akka.Cluster.Tools (1.5.30)
      Akka.Cluster (>= 1.5.30)
      Akka.Coordination (>= 1.5.30)
      Akka.Discovery (>= 1.5.30)
    Akka.Coordination (1.5.30)
      Akka (>= 1.5.30)
    Akka.Discovery (1.5.30)
      Akka (>= 1.5.30)
    Akka.DistributedData (1.5.30)
      Akka.Cluster (>= 1.5.30)
    Akka.DistributedData.LightningDB (1.5.30)
      Akka.DistributedData (>= 1.5.30)
      LightningDB (>= 0.16)
    Akka.Logger.Serilog (1.5.25)
      Akka (>= 1.5.25)
      Serilog (>= 2.12)
    Akka.Persistence (1.5.30)
      Akka (>= 1.5.30)
      Google.Protobuf (>= 3.26.1)
    Akka.Persistence.Query (1.5.30)
      Akka.Persistence (>= 1.5.30)
      Akka.Streams (>= 1.5.30)
    Akka.Persistence.Query.Sql (1.5.30)
      Akka.Persistence (>= 1.5.30)
      Akka.Persistence.Query (>= 1.5.30)
      Akka.Persistence.Sql.Common (>= 1.5.30)
    Akka.Persistence.Sql (1.5.30)
      Akka.Persistence.Query (>= 1.5.30)
      Akka.Streams (>= 1.5.30)
      LanguageExt.Core (>= 4.4.9)
      linq2db (>= 5.4.1)
      Microsoft.Bcl.HashCode (>= 1.1.1)
      System.Linq.Async (>= 6.0.1)
      System.Reactive.Linq (>= 6.0.1)
    Akka.Persistence.Sql.Common (1.5.30)
      Akka.Persistence (>= 1.5.30)
      System.Data.Common (>= 4.3)
      System.Text.RegularExpressions (>= 4.3.1)
    Akka.Remote (1.5.30)
      Akka (>= 1.5.30)
      DotNetty.Handlers (>= 0.7.6)
      Google.Protobuf (>= 3.26.1)
    Akka.Serialization.Hyperion (1.5.30)
      Akka (>= 1.5.30)
      Hyperion (>= 0.12.2)
    Akka.Streams (1.5.30)
      Akka (>= 1.5.30)
      Google.Protobuf (>= 3.26.1)
      Reactive.Streams (>= 1.0.4)
    Akkling (0.16.2)
      Akka (>= 1.5.27.1)
      Akka.Serialization.Hyperion (>= 1.5.27.1)
      FSharp.Core (>= 8.0.400)
    Akkling.Cluster.Sharding (0.16.2)
      Akka.Cluster.Sharding (>= 1.5.27.1)
      Akkling (>= 0.16.2)
      Akkling.DistributedData (>= 0.16.2)
      Akkling.Persistence (>= 0.16.2)
      FSharp.Core (>= 8.0.400)
    Akkling.DistributedData (0.16.2)
      Akka.DistributedData (>= 1.5.27.1)
      Akkling (>= 0.16.2)
      FSharp.Core (>= 8.0.400)
    Akkling.Persistence (0.16.2)
      Akka.Persistence (>= 1.5.27.1)
      Akkling (>= 0.16.2)
      Akkling.Streams (>= 0.16.2)
      FSharp.Core (>= 8.0.400)
    Akkling.Streams (0.16.2)
      Akka.Streams (>= 1.5.27.1)
      Akkling (>= 0.16.2)
      FSharp.Core (>= 8.0.400)
    Destructurama.FSharp (2.0)
      FSharp.Core (>= 8.0.101)
      Serilog (>= 3.1.1)
    DotNetty.Buffers (0.7.6)
      DotNetty.Common (>= 0.7.6)
      System.Runtime.CompilerServices.Unsafe (>= 5.0)
    DotNetty.Codecs (0.7.6)
      DotNetty.Buffers (>= 0.7.6)
      DotNetty.Common (>= 0.7.6)
      DotNetty.Transport (>= 0.7.6)
      System.Collections.Immutable (>= 1.5)
    DotNetty.Common (0.7.6)
      Microsoft.Extensions.Logging (>= 5.0)
      System.Runtime.CompilerServices.Unsafe (>= 5.0)
    DotNetty.Handlers (0.7.6)
      DotNetty.Buffers (>= 0.7.6)
      DotNetty.Codecs (>= 0.7.6)
      DotNetty.Common (>= 0.7.6)
      DotNetty.Transport (>= 0.7.6)
    DotNetty.Transport (0.7.6)
      DotNetty.Buffers (>= 0.7.6)
      DotNetty.Common (>= 0.7.6)
    Dynamitey (3.0.3)
      Microsoft.CSharp (>= 4.7)
      System.ComponentModel (>= 4.3)
    Fable.Package.SDK (1.1)
    Fable.Remoting.Json (2.25)
      FSharp.Core (>= 6.0)
      Newtonsoft.Json (>= 13.0.3)
    FCQRS (1.0.4)
      Akka.Cluster.Sharding (>= 1.5.30)
      Akka.Cluster.Tools (>= 1.5.30)
      Akka.Persistence.Query.Sql (>= 1.5.30)
      Akka.Persistence.Sql (>= 1.5.30)
      Akkling.Cluster.Sharding (>= 0.16.2)
      Akkling.Persistence (>= 0.16.2)
      Akkling.Streams (>= 0.16.2)
      FCQRS.Serialization (>= 1.0.2)
      FSharp.Core (>= 8.0.401)
      FSharp.Interop.Dynamic (>= 5.0.1.268)
      FSharp.SystemTextJson (>= 1.3.13)
      FsToolkit.ErrorHandling (>= 4.17)
      Microsoft.Data.Sqlite (>= 8.0.10)
      Microsoft.Extensions.Configuration (>= 8.0)
    FCQRS.Model (1.0.5)
      Fable.Package.SDK (>= 1.1)
      FSharp.Core (>= 8.0.401)
    FCQRS.Serialization (1.0.2)
      FSharp.SystemTextJson (>= 1.3.13)
    FCQRS.SQLProvider (1.0.5)
      FCQRS.Model (>= 1.0.5)
      SQLProvider (>= 1.4)
    FluentMigrator (6.2)
      FluentMigrator.Abstractions (>= 6.2)
      Microsoft.Extensions.DependencyInjection (>= 8.0)
      Microsoft.Extensions.Options (>= 8.0)
    FluentMigrator.Abstractions (6.2)
      System.ComponentModel.Annotations (>= 5.0)
      System.ValueTuple (>= 4.5)
    FluentMigrator.Runner.Core (6.2)
      FluentMigrator (>= 6.2)
      FluentMigrator.Abstractions (>= 6.2)
      Microsoft.Extensions.Configuration.Abstractions (>= 8.0)
      Microsoft.Extensions.DependencyInjection (>= 8.0)
      Microsoft.Extensions.Logging (>= 8.0)
      Microsoft.Extensions.Options (>= 8.0)
    FluentMigrator.Runner.SQLite (6.2)
      FluentMigrator (>= 6.2)
      FluentMigrator.Runner.Core (>= 6.2)
    FSharp.Core (8.0.401)
    FSharp.Data.LiteralProviders (1.0.3)
      FSharp.Core (>= 4.5)
    FSharp.Interop.Dynamic (5.0.1.268)
      Dynamitey (>= 2.0.10.189)
      FSharp.Core (>= 4.2.3)
      Microsoft.CSharp (>= 4.6)
    FSharp.SystemTextJson (1.3.13)
      FSharp.Core (>= 4.7)
      System.Text.Json (>= 6.0)
    FsToolkit.ErrorHandling (4.17)
      FSharp.Core (>= 7.0.300)
    Giraffe (7.0.2)
      FSharp.Core (>= 6.0)
      FSharp.SystemTextJson (>= 1.3.13)
      Giraffe.ViewEngine (>= 1.4)
      Microsoft.IO.RecyclableMemoryStream (>= 3.0.1)
      System.Text.Json (>= 8.0.5)
    Giraffe.SerilogExtensions (2.0)
      Fable.Remoting.Json (>= 2.17)
      FSharp.Core (>= 5.0.2)
      Giraffe (>= 5.0)
      Microsoft.AspNetCore.Http (>= 2.2.2)
      Serilog (>= 2.10)
    Giraffe.ViewEngine (1.4)
      FSharp.Core (>= 5.0)
    Google.Apis (1.68)
      Google.Apis.Core (>= 1.68)
    Google.Apis.Auth (1.68)
      Google.Apis (>= 1.68)
      Google.Apis.Core (>= 1.68)
      System.Management (>= 7.0.2)
    Google.Apis.Core (1.68)
      Newtonsoft.Json (>= 13.0.3)
    Google.Protobuf (3.28.2)
    Hocon (2.0.4)
      NETStandard.Library (>= 1.6.1)
    Hocon.Extensions.Configuration (2.0.4)
      Hocon (>= 2.0.4)
      Microsoft.Extensions.Configuration.FileExtensions (>= 3.1.4)
    Hyperion (0.12.2)
      Microsoft.CSharp (>= 4.7)
      System.Collections.Immutable (>= 5.0)
      System.Runtime (>= 4.3.1)
      System.Runtime.Serialization.Primitives (>= 4.3)
    LanguageExt.Core (4.4.9)
      Microsoft.Bcl.AsyncInterfaces (>= 7.0)
      Microsoft.CSharp (>= 4.7)
      System.Diagnostics.Contracts (>= 4.3)
      System.Linq (>= 4.3)
      System.Linq.Queryable (>= 4.3)
      System.Memory (>= 4.5.5)
      System.Reflection.Emit (>= 4.7)
      System.Reflection.Emit.Lightweight (>= 4.7)
      System.Threading.Tasks.Extensions (>= 4.5.4)
      System.ValueTuple (>= 4.5)
    LightningDB (0.16)
      System.Memory (>= 4.5.5)
    linq2db (5.4.1)
    Microsoft.AspNetCore.Http (2.2.2)
      Microsoft.AspNetCore.Http.Abstractions (>= 2.2)
      Microsoft.AspNetCore.WebUtilities (>= 2.2)
      Microsoft.Extensions.ObjectPool (>= 2.2)
      Microsoft.Extensions.Options (>= 2.2)
      Microsoft.Net.Http.Headers (>= 2.2)
    Microsoft.AspNetCore.Http.Abstractions (2.2)
      Microsoft.AspNetCore.Http.Features (>= 2.2)
      System.Text.Encodings.Web (>= 4.5)
    Microsoft.AspNetCore.Http.Features (5.0.17)
      Microsoft.Extensions.Primitives (>= 5.0.1)
      System.IO.Pipelines (>= 5.0.2)
    Microsoft.AspNetCore.WebUtilities (8.0.10)
      Microsoft.Net.Http.Headers (>= 8.0.10)
      System.IO.Pipelines (>= 8.0)
    Microsoft.Bcl.AsyncInterfaces (8.0)
    Microsoft.Bcl.HashCode (1.1.1)
    Microsoft.CSharp (4.7)
    Microsoft.Data.Sqlite (8.0.10)
      Microsoft.Data.Sqlite.Core (>= 8.0.10)
      SQLitePCLRaw.bundle_e_sqlite3 (>= 2.1.6)
    Microsoft.Data.Sqlite.Core (8.0.10)
      SQLitePCLRaw.core (>= 2.1.6)
    Microsoft.Extensions.Configuration (8.0)
      Microsoft.Extensions.Configuration.Abstractions (>= 8.0)
      Microsoft.Extensions.Primitives (>= 8.0)
    Microsoft.Extensions.Configuration.Abstractions (8.0)
      Microsoft.Extensions.Primitives (>= 8.0)
    Microsoft.Extensions.Configuration.Binder (8.0.2)
      Microsoft.Extensions.Configuration.Abstractions (>= 8.0)
    Microsoft.Extensions.Configuration.FileExtensions (8.0.1)
      Microsoft.Extensions.Configuration (>= 8.0)
      Microsoft.Extensions.Configuration.Abstractions (>= 8.0)
      Microsoft.Extensions.FileProviders.Abstractions (>= 8.0)
      Microsoft.Extensions.FileProviders.Physical (>= 8.0)
      Microsoft.Extensions.Primitives (>= 8.0)
    Microsoft.Extensions.DependencyInjection (8.0.1)
      Microsoft.Extensions.DependencyInjection.Abstractions (>= 8.0.2)
    Microsoft.Extensions.DependencyInjection.Abstractions (8.0.2)
    Microsoft.Extensions.DependencyModel (8.0.2)
    Microsoft.Extensions.Diagnostics.Abstractions (8.0.1)
      Microsoft.Extensions.DependencyInjection.Abstractions (>= 8.0.2)
      Microsoft.Extensions.Options (>= 8.0.2)
    Microsoft.Extensions.FileProviders.Abstractions (8.0)
      Microsoft.Extensions.Primitives (>= 8.0)
    Microsoft.Extensions.FileProviders.Physical (8.0)
      Microsoft.Extensions.FileProviders.Abstractions (>= 8.0)
      Microsoft.Extensions.FileSystemGlobbing (>= 8.0)
      Microsoft.Extensions.Primitives (>= 8.0)
    Microsoft.Extensions.FileSystemGlobbing (8.0)
    Microsoft.Extensions.Hosting.Abstractions (8.0.1)
      Microsoft.Extensions.Configuration.Abstractions (>= 8.0)
      Microsoft.Extensions.DependencyInjection.Abstractions (>= 8.0.2)
      Microsoft.Extensions.Diagnostics.Abstractions (>= 8.0.1)
      Microsoft.Extensions.FileProviders.Abstractions (>= 8.0)
      Microsoft.Extensions.Logging.Abstractions (>= 8.0.2)
    Microsoft.Extensions.Logging (8.0.1)
      Microsoft.Extensions.DependencyInjection (>= 8.0.1)
      Microsoft.Extensions.Logging.Abstractions (>= 8.0.2)
      Microsoft.Extensions.Options (>= 8.0.2)
    Microsoft.Extensions.Logging.Abstractions (8.0.2)
      Microsoft.Extensions.DependencyInjection.Abstractions (>= 8.0.2)
    Microsoft.Extensions.ObjectPool (8.0.10)
    Microsoft.Extensions.Options (8.0.2)
      Microsoft.Extensions.DependencyInjection.Abstractions (>= 8.0)
      Microsoft.Extensions.Primitives (>= 8.0)
    Microsoft.Extensions.Primitives (8.0)
    Microsoft.IO.RecyclableMemoryStream (3.0.1)
    Microsoft.Net.Http.Headers (8.0.10)
      Microsoft.Extensions.Primitives (>= 8.0)
    Microsoft.NETCore.Platforms (7.0.4)
    Microsoft.NETCore.Targets (5.0)
    NETStandard.Library (2.0.3)
      Microsoft.NETCore.Platforms (>= 1.1)
    Newtonsoft.Json (13.0.3)
    Reactive.Streams (1.0.4)
    Scriban (5.10)
    Serilog (4.0.2)
    Serilog.AspNetCore (8.0.3)
      Microsoft.Extensions.Logging (>= 8.0)
      Serilog (>= 3.1.1)
      Serilog.Extensions.Hosting (>= 8.0)
      Serilog.Formatting.Compact (>= 2.0)
      Serilog.Settings.Configuration (>= 8.0.4)
      Serilog.Sinks.Console (>= 5.0)
      Serilog.Sinks.Debug (>= 2.0)
      Serilog.Sinks.File (>= 5.0)
    Serilog.Expressions (5.0)
      Serilog (>= 4.0)
    Serilog.Extensions.Hosting (8.0)
      Microsoft.Extensions.DependencyInjection.Abstractions (>= 8.0)
      Microsoft.Extensions.Hosting.Abstractions (>= 8.0)
      Microsoft.Extensions.Logging.Abstractions (>= 8.0)
      Serilog (>= 3.1.1)
      Serilog.Extensions.Logging (>= 8.0)
    Serilog.Extensions.Logging (8.0)
      Microsoft.Extensions.Logging (>= 8.0)
      Serilog (>= 3.1.1)
    Serilog.Formatting.Compact (3.0)
      Serilog (>= 4.0)
    Serilog.Settings.Configuration (8.0.4)
      Microsoft.Extensions.Configuration.Binder (>= 8.0)
      Microsoft.Extensions.DependencyModel (>= 8.0.2)
      Serilog (>= 3.1.1)
    Serilog.Sinks.Console (6.0)
      Serilog (>= 4.0)
    Serilog.Sinks.Debug (3.0)
      Serilog (>= 4.0)
    Serilog.Sinks.File (6.0)
      Serilog (>= 4.0)
    Serilog.Sinks.Seq (8.0)
      Serilog (>= 4.0)
      Serilog.Sinks.File (>= 5.0)
    SQLitePCLRaw.bundle_e_sqlite3 (2.1.10)
      SQLitePCLRaw.lib.e_sqlite3 (>= 2.1.10)
      SQLitePCLRaw.provider.e_sqlite3 (>= 2.1.10)
    SQLitePCLRaw.core (2.1.10)
      System.Memory (>= 4.5.3)
    SQLitePCLRaw.lib.e_sqlite3 (2.1.10)
    SQLitePCLRaw.provider.e_sqlite3 (2.1.10)
      SQLitePCLRaw.core (>= 2.1.10)
    SQLProvider (1.4.1)
      FSharp.Core (>= 8.0.301)
      Newtonsoft.Json (>= 13.0.1)
    System.CodeDom (8.0)
    System.Collections (4.3)
      Microsoft.NETCore.Platforms (>= 1.1)
      Microsoft.NETCore.Targets (>= 1.1)
      System.Runtime (>= 4.3)
    System.Collections.Immutable (8.0)
    System.ComponentModel (4.3)
      System.Runtime (>= 4.3)
    System.ComponentModel.Annotations (5.0)
    System.Configuration.ConfigurationManager (8.0.1)
      System.Diagnostics.EventLog (>= 8.0.1)
      System.Security.Cryptography.ProtectedData (>= 8.0)
    System.Data.Common (4.3)
      System.Collections (>= 4.3)
      System.Globalization (>= 4.3)
      System.IO (>= 4.3)
      System.Resources.ResourceManager (>= 4.3)
      System.Runtime (>= 4.3)
      System.Runtime.Extensions (>= 4.3)
      System.Text.RegularExpressions (>= 4.3)
      System.Threading.Tasks (>= 4.3)
    System.Diagnostics.Contracts (4.3)
      System.Runtime (>= 4.3)
    System.Diagnostics.Debug (4.3)
      Microsoft.NETCore.Platforms (>= 1.1)
      Microsoft.NETCore.Targets (>= 1.1)
      System.Runtime (>= 4.3)
    System.Diagnostics.EventLog (8.0.1)
    System.Globalization (4.3)
      Microsoft.NETCore.Platforms (>= 1.1)
      Microsoft.NETCore.Targets (>= 1.1)
      System.Runtime (>= 4.3)
    System.IO (4.3)
      Microsoft.NETCore.Platforms (>= 1.1)
      Microsoft.NETCore.Targets (>= 1.1)
      System.Runtime (>= 4.3)
      System.Text.Encoding (>= 4.3)
      System.Threading.Tasks (>= 4.3)
    System.IO.Pipelines (8.0)
    System.Linq (4.3)
      System.Collections (>= 4.3)
      System.Diagnostics.Debug (>= 4.3)
      System.Resources.ResourceManager (>= 4.3)
      System.Runtime (>= 4.3)
      System.Runtime.Extensions (>= 4.3)
    System.Linq.Async (6.0.1)
      Microsoft.Bcl.AsyncInterfaces (>= 6.0)
    System.Linq.Expressions (4.3)
      System.Collections (>= 4.3)
      System.Diagnostics.Debug (>= 4.3)
      System.Globalization (>= 4.3)
      System.IO (>= 4.3)
      System.Linq (>= 4.3)
      System.ObjectModel (>= 4.3)
      System.Reflection (>= 4.3)
      System.Reflection.Emit (>= 4.3)
      System.Reflection.Emit.ILGeneration (>= 4.3)
      System.Reflection.Emit.Lightweight (>= 4.3)
      System.Reflection.Extensions (>= 4.3)
      System.Reflection.Primitives (>= 4.3)
      System.Reflection.TypeExtensions (>= 4.3)
      System.Resources.ResourceManager (>= 4.3)
      System.Runtime (>= 4.3)
      System.Runtime.Extensions (>= 4.3)
      System.Threading (>= 4.3)
    System.Linq.Queryable (4.3)
      System.Collections (>= 4.3)
      System.Diagnostics.Debug (>= 4.3)
      System.Linq (>= 4.3)
      System.Linq.Expressions (>= 4.3)
      System.Reflection (>= 4.3)
      System.Reflection.Extensions (>= 4.3)
      System.Resources.ResourceManager (>= 4.3)
      System.Runtime (>= 4.3)
    System.Management (8.0)
      System.CodeDom (>= 8.0)
    System.Memory (4.5.5)
    System.ObjectModel (4.3)
      System.Collections (>= 4.3)
      System.Diagnostics.Debug (>= 4.3)
      System.Resources.ResourceManager (>= 4.3)
      System.Runtime (>= 4.3)
      System.Threading (>= 4.3)
    System.Reactive (6.0.1)
    System.Reactive.Linq (6.0.1)
      System.Reactive (>= 6.0.1)
      System.Threading.Tasks.Extensions (>= 4.5.4)
    System.Reflection (4.3)
      Microsoft.NETCore.Platforms (>= 1.1)
      Microsoft.NETCore.Targets (>= 1.1)
      System.IO (>= 4.3)
      System.Reflection.Primitives (>= 4.3)
      System.Runtime (>= 4.3)
    System.Reflection.Emit (4.7)
    System.Reflection.Emit.ILGeneration (4.7)
    System.Reflection.Emit.Lightweight (4.7)
    System.Reflection.Extensions (4.3)
      Microsoft.NETCore.Platforms (>= 1.1)
      Microsoft.NETCore.Targets (>= 1.1)
      System.Reflection (>= 4.3)
      System.Runtime (>= 4.3)
    System.Reflection.Primitives (4.3)
      Microsoft.NETCore.Platforms (>= 1.1)
      Microsoft.NETCore.Targets (>= 1.1)
      System.Runtime (>= 4.3)
    System.Reflection.TypeExtensions (4.7)
    System.Resources.ResourceManager (4.3)
      Microsoft.NETCore.Platforms (>= 1.1)
      Microsoft.NETCore.Targets (>= 1.1)
      System.Globalization (>= 4.3)
      System.Reflection (>= 4.3)
      System.Runtime (>= 4.3)
    System.Runtime (4.3.1)
      Microsoft.NETCore.Platforms (>= 1.1.1)
      Microsoft.NETCore.Targets (>= 1.1.3)
    System.Runtime.CompilerServices.Unsafe (6.0)
    System.Runtime.Extensions (4.3.1)
      Microsoft.NETCore.Platforms (>= 1.1.1)
      Microsoft.NETCore.Targets (>= 1.1.3)
      System.Runtime (>= 4.3.1)
    System.Runtime.Serialization.Primitives (4.3)
      System.Resources.ResourceManager (>= 4.3)
      System.Runtime (>= 4.3)
    System.Security.Cryptography.ProtectedData (8.0)
    System.Text.Encoding (4.3)
      Microsoft.NETCore.Platforms (>= 1.1)
      Microsoft.NETCore.Targets (>= 1.1)
      System.Runtime (>= 4.3)
    System.Text.Encodings.Web (8.0)
    System.Text.Json (8.0.5)
    System.Text.RegularExpressions (4.3.1)
      System.Runtime (>= 4.3.1)
    System.Threading (4.3)
      System.Runtime (>= 4.3)
      System.Threading.Tasks (>= 4.3)
    System.Threading.Channels (8.0)
    System.Threading.Tasks (4.3)
      Microsoft.NETCore.Platforms (>= 1.1)
      Microsoft.NETCore.Targets (>= 1.1)
      System.Runtime (>= 4.3)
    System.Threading.Tasks.Extensions (4.5.4)
    System.ValueTuple (4.5)
