STORAGE: NONE
RESTRICTION: == net8.0
NUGET
  remote: https://api.nuget.org/v3/index.json
    FSharp.Core (8.0.401)
    FSharp.Data.LiteralProviders (1.0.3)
      FSharp.Core (>= 4.5)
    FSharp.SystemTextJson (1.3.13)
      FSharp.Core (>= 4.7)
      System.Text.Json (>= 6.0)
    Giraffe (7.0.1)
      FSharp.Core (>= 6.0)
      FSharp.SystemTextJson (>= 1.3.13)
      Giraffe.ViewEngine (>= 1.4)
      Microsoft.IO.RecyclableMemoryStream (>= 3.0.1)
      System.Text.Json (>= 8.0.4)
    Giraffe.ViewEngine (1.4)
      FSharp.Core (>= 5.0)
    Google.Apis (1.68)
      Google.Apis.Core (>= 1.68)
    Google.Apis.Auth (1.68)
      Google.Apis (>= 1.68)
      Google.Apis.Core (>= 1.68)
      System.Management (>= 7.0.2)
    Google.Apis.Core (1.68)
      Newtonsoft.Json (>= 13.0.3)
    Microsoft.IO.RecyclableMemoryStream (3.0.1)
    Newtonsoft.Json (13.0.3)
    Scriban (5.10)
    System.CodeDom (8.0)
    System.Management (8.0)
      System.CodeDom (>= 8.0)
    System.Text.Json (8.0.5)
